GEM
  remote: https://rubygems.org/
  specs:
    hitimes (1.2.2)
    slop (4.2.0)
    timers (4.0.1)
      hitimes

PLATFORMS
  ruby

DEPENDENCIES
  slop
  timers
